RESTRICTION: == net452
NUGET
  remote: https://www.nuget.org/api/v2
    DryIoc.dll (2.11.6)
    FAKE (4.63)
    FSharp.Core (4.2.3)
    FSharp.Data (2.3.3)
    MahApps.Metro (1.5)
    reactiveui (7.4)
      reactiveui-core (7.4)
    reactiveui-core (7.4)
      Rx-Main (>= 2.2.5)
      Rx-Xaml (>= 2.2.5)
      Splat (>= 1.4 < 2.0)
    Rx-Core (2.2.5)
      Rx-Interfaces (>= 2.2.5)
    Rx-Interfaces (2.2.5)
    Rx-Linq (2.2.5)
      Rx-Core (>= 2.2.5)
      Rx-Interfaces (>= 2.2.5)
    Rx-Main (2.2.5)
      Rx-Core (>= 2.2.5)
      Rx-Interfaces (>= 2.2.5)
      Rx-Linq (>= 2.2.5)
      Rx-PlatformServices (>= 2.2.5)
    Rx-PlatformServices (2.2.5)
      Rx-Core (>= 2.2.5)
      Rx-Interfaces (>= 2.2.5)
    Rx-Xaml (2.2.5)
      Rx-Main (>= 2.2.5)
    Serilog (2.5)
    Serilog.Sinks.ColoredConsole (3.0.1)
      Serilog.Sinks.Console (>= 3.0.1)
    Serilog.Sinks.Console (3.0.1)
      Serilog (>= 2.5)
    Splat (1.6.2)
